PATH
  remote: .
  specs:
    dry-types-json-schema (0.0.1)
      dry-types (~> 1.7.2)

GEM
  remote: https://rubygems.org/
  specs:
    base64 (0.2.0)
    bigdecimal (3.1.7)
    coderay (1.1.3)
    concurrent-ruby (1.2.3)
    docile (1.4.0)
    dry-core (1.0.1)
      concurrent-ruby (~> 1.0)
      zeitwerk (~> 2.6)
    dry-inflector (1.0.0)
    dry-logic (1.5.0)
      concurrent-ruby (~> 1.0)
      dry-core (~> 1.0, < 2)
      zeitwerk (~> 2.6)
    dry-struct (1.6.0)
      dry-core (~> 1.0, < 2)
      dry-types (>= 1.7, < 2)
      ice_nine (~> 0.11)
      zeitwerk (~> 2.6)
    dry-types (1.7.2)
      bigdecimal (~> 3.0)
      concurrent-ruby (~> 1.0)
      dry-core (~> 1.0)
      dry-inflector (~> 1.0)
      dry-logic (~> 1.4)
      zeitwerk (~> 2.6)
    hana (1.3.7)
    ice_nine (0.11.2)
    json_schemer (2.2.1)
      base64
      bigdecimal
      hana (~> 1.3)
      regexp_parser (~> 2.0)
      simpleidn (~> 0.2)
    method_source (1.0.0)
    minitest (5.22.3)
    pry (0.14.2)
      coderay (~> 1.1)
      method_source (~> 1.0)
    regexp_parser (2.9.0)
    simplecov (0.22.0)
      docile (~> 1.1)
      simplecov-html (~> 0.11)
      simplecov_json_formatter (~> 0.1)
    simplecov-html (0.12.3)
    simplecov_json_formatter (0.1.4)
    simpleidn (0.2.1)
      unf (~> 0.1.4)
    unf (0.1.4)
      unf_ext
    unf_ext (0.0.9.1)
    zeitwerk (2.6.13)

PLATFORMS
  arm64-darwin-22
  ruby

DEPENDENCIES
  dry-struct (~> 1.6.0)
  dry-types-json-schema!
  json_schemer (~> 2.2.1)
  minitest (~> 5.22.3)
  pry (~> 0.14.2)
  simplecov (~> 0.22.0)

BUNDLED WITH
   2.5.3
