PATH
  remote: .
  specs:
    dry-types-json-schema (0.0.1)
      dry-types (~> 1.7.2)

GEM
  remote: https://rubygems.org/
  specs:
    bigdecimal (3.1.7)
    coderay (1.1.3)
    concurrent-ruby (1.2.3)
    dry-core (1.0.1)
      concurrent-ruby (~> 1.0)
      zeitwerk (~> 2.6)
    dry-inflector (1.0.0)
    dry-logic (1.5.0)
      concurrent-ruby (~> 1.0)
      dry-core (~> 1.0, < 2)
      zeitwerk (~> 2.6)
    dry-types (1.7.2)
      bigdecimal (~> 3.0)
      concurrent-ruby (~> 1.0)
      dry-core (~> 1.0)
      dry-inflector (~> 1.0)
      dry-logic (~> 1.4)
      zeitwerk (~> 2.6)
    method_source (1.0.0)
    minitest (5.22.3)
    pry (0.14.2)
      coderay (~> 1.1)
      method_source (~> 1.0)
    zeitwerk (2.6.13)

PLATFORMS
  arm64-darwin-22
  ruby

DEPENDENCIES
  dry-types-json-schema!
  minitest (~> 5.22.3)
  pry (~> 0.14.2)

BUNDLED WITH
   2.5.3
